GEM
  remote: https://rubygems.org/
  specs:
    actioncable (5.2.3)
      actionpack (= 5.2.3)
      nio4r (~> 2.0)
      websocket-driver (>= 0.6.1)
    actionmailer (5.2.3)
      actionpack (= 5.2.3)
      actionview (= 5.2.3)
      activejob (= 5.2.3)
      mail (~> 2.5, >= 2.5.4)
      rails-dom-testing (~> 2.0)
    actionpack (5.2.3)
      actionview (= 5.2.3)
      activesupport (= 5.2.3)
      rack (~> 2.0)
      rack-test (>= 0.6.3)
      rails-dom-testing (~> 2.0)
      rails-html-sanitizer (~> 1.0, >= 1.0.2)
    actionview (5.2.3)
      activesupport (= 5.2.3)
      builder (~> 3.1)
      erubi (~> 1.4)
      rails-dom-testing (~> 2.0)
      rails-html-sanitizer (~> 1.0, >= 1.0.3)
    activejob (5.2.3)
      activesupport (= 5.2.3)
      globalid (>= 0.3.6)
    activemodel (5.2.3)
      activesupport (= 5.2.3)
    activerecord (5.2.3)
      activemodel (= 5.2.3)
      activesupport (= 5.2.3)
      arel (>= 9.0)
    activestorage (5.2.3)
      actionpack (= 5.2.3)
      activerecord (= 5.2.3)
      marcel (~> 0.3.1)
    activesupport (5.2.3)
      concurrent-ruby (~> 1.0, >= 1.0.2)
      i18n (>= 0.7, < 2)
      minitest (~> 5.1)
      tzinfo (~> 1.1)
    addressable (2.6.0)
      public_suffix (>= 2.0.2, < 4.0)
    apartment (2.2.0)
      activerecord (>= 3.1.2, < 6.0)
      parallel (>= 0.7.1)
      public_suffix (>= 2)
      rack (>= 1.3.6)
    arel (9.0.0)
    ast (2.4.0)
    autoprefixer-rails (9.5.1.1)
      execjs
    babel-source (5.8.35)
    babel-transpiler (0.7.0)
      babel-source (>= 4.0, < 6)
      execjs (~> 2.0)
    backports (3.13.0)
    bcrypt (3.1.13)
    bindex (0.6.0)
    bootsnap (1.4.2)
      msgpack (~> 1.0)
    breadcrumbs_on_rails (3.0.1)
    builder (3.2.3)
    byebug (11.0.1)
    capybara (3.16.1)
      addressable
      mini_mime (>= 0.1.3)
      nokogiri (~> 1.8)
      rack (>= 1.6.0)
      rack-test (>= 0.6.3)
      regexp_parser (~> 1.2)
      xpath (~> 3.2)
    capybara-email (3.0.1)
      capybara (>= 2.4, < 4.0)
      mail
    childprocess (1.0.1)
      rake (< 13.0)
    cliver (0.3.2)
    coderay (1.1.2)
    concurrent-ruby (1.1.5)
    connection_pool (2.2.2)
    crass (1.0.4)
    cucumber (3.1.2)
      builder (>= 2.1.2)
      cucumber-core (~> 3.2.0)
      cucumber-expressions (~> 6.0.1)
      cucumber-wire (~> 0.0.1)
      diff-lcs (~> 1.3)
      gherkin (~> 5.1.0)
      multi_json (>= 1.7.5, < 2.0)
      multi_test (>= 0.1.2)
    cucumber-core (3.2.1)
      backports (>= 3.8.0)
      cucumber-tag_expressions (~> 1.1.0)
      gherkin (~> 5.0)
    cucumber-expressions (6.0.1)
    cucumber-rails (1.6.0)
      capybara (>= 1.1.2, < 4)
      cucumber (>= 3.0.2, < 4)
      mime-types (>= 1.17, < 4)
      nokogiri (~> 1.8)
      railties (>= 4, < 6)
    cucumber-tag_expressions (1.1.1)
    cucumber-wire (0.0.1)
    database_cleaner (1.7.0)
    devise (4.6.2)
      bcrypt (~> 3.0)
      orm_adapter (~> 0.1)
      railties (>= 4.1.0, < 6.0)
      responders
      warden (~> 1.2.3)
    diff-lcs (1.3)
    dotenv (0.7.0)
    dotenv-rails (0.7.0)
      dotenv (= 0.7.0)
    erubi (1.8.0)
    erubis (2.7.0)
    execjs (2.7.0)
    factory_bot (5.0.2)
      activesupport (>= 4.2.0)
    factory_bot_rails (5.0.1)
      factory_bot (~> 5.0.0)
      railties (>= 4.2.0)
    faker (1.9.3)
      i18n (>= 0.7)
    faraday (0.15.4)
      multipart-post (>= 1.2, < 3)
    ffi (1.10.0)
    firebase (0.2.8)
      googleauth
      httpclient (>= 2.5.3)
      json
    foreman (0.64.0)
      dotenv (~> 0.7.0)
      thor (>= 0.13.6)
    formatador (0.2.5)
    gherkin (5.1.0)
    globalid (0.4.2)
      activesupport (>= 4.2.0)
    googleauth (0.8.1)
      faraday (~> 0.12)
      jwt (>= 1.4, < 3.0)
      memoist (~> 0.16)
      multi_json (~> 1.11)
      os (>= 0.9, < 2.0)
      signet (~> 0.7)
    guard (2.15.0)
      formatador (>= 0.2.4)
      listen (>= 2.7, < 4.0)
      lumberjack (>= 1.0.12, < 2.0)
      nenv (~> 0.1)
      notiffany (~> 0.0)
      pry (>= 0.9.12)
      shellany (~> 0.0)
      thor (>= 0.18.1)
    guard-compat (1.2.1)
    guard-rspec (4.7.3)
      guard (~> 2.1)
      guard-compat (~> 1.1)
      rspec (>= 2.99.0, < 4.0)
    guard-spork (2.1.0)
      childprocess (>= 0.2.3)
      guard (~> 2.0)
      guard-compat (~> 1.0)
      spork (>= 0.8.4)
    haml (5.1.1)
      temple (>= 0.8.0)
      tilt
    haml-rails (2.0.1)
      actionpack (>= 5.1)
      activesupport (>= 5.1)
      haml (>= 4.0.6, < 6.0)
      html2haml (>= 1.0.1)
      railties (>= 5.1)
    html2haml (2.2.0)
      erubis (~> 2.7.0)
      haml (>= 4.0, < 6)
      nokogiri (>= 1.6.0)
      ruby_parser (~> 3.5)
    httparty (0.17.0)
      mime-types (~> 3.0)
      multi_xml (>= 0.5.2)
    httpclient (2.8.3)
    i18n (1.6.0)
      concurrent-ruby (~> 1.0)
    jaro_winkler (1.5.2)
    jbuilder (2.8.0)
      activesupport (>= 4.2.0)
      multi_json (>= 1.2)
    jquery-rails (4.4.0)
      rails-dom-testing (>= 1, < 3)
      railties (>= 4.2.0)
      thor (>= 0.14, < 2.0)
    json (2.2.0)
    jwt (2.2.1)
    libv8 (7.3.492.27.1)
    listen (3.1.5)
      rb-fsevent (~> 0.9, >= 0.9.4)
      rb-inotify (~> 0.9, >= 0.9.7)
      ruby_dep (~> 1.2)
    loofah (2.2.3)
      crass (~> 1.0.2)
      nokogiri (>= 1.5.9)
    lumberjack (1.0.13)
    mail (2.7.1)
      mini_mime (>= 0.1.1)
    marcel (0.3.3)
      mimemagic (~> 0.3.2)
    material_icons (2.2.1)
      railties (>= 3.2)
    materialize-sass (1.0.0)
      autoprefixer-rails (>= 6.0.3)
    memoist (0.16.0)
    method_source (0.9.2)
    mime-types (3.2.2)
      mime-types-data (~> 3.2015)
    mime-types-data (3.2019.0331)
    mimemagic (0.3.3)
    mini_magick (4.9.3)
    mini_mime (1.0.1)
    mini_portile2 (2.4.0)
    mini_racer (0.2.6)
      libv8 (>= 6.9.411)
    minitest (5.11.3)
    msgpack (1.2.9)
    multi_json (1.13.1)
    multi_test (0.1.2)
    multi_xml (0.6.0)
    multipart-post (2.1.1)
    nenv (0.3.0)
    nio4r (2.3.1)
    nokogiri (1.10.2)
      mini_portile2 (~> 2.4.0)
    notiffany (0.1.1)
      nenv (~> 0.1)
      shellany (~> 0.0)
    orm_adapter (0.5.0)
    os (1.0.1)
    parallel (1.17.0)
    parser (2.6.2.1)
      ast (~> 2.4.0)
    pdf-core (0.7.0)
    pg (1.1.4)
    poltergeist (1.18.1)
      capybara (>= 2.1, < 4)
      cliver (~> 0.3.1)
      websocket-driver (>= 0.2.0)
    prawn (2.2.2)
      pdf-core (~> 0.7.0)
      ttfunk (~> 1.5)
    prawn-table (0.2.2)
      prawn (>= 1.3.0, < 3.0.0)
    pry (0.12.2)
      coderay (~> 1.1.0)
      method_source (~> 0.9.0)
    psych (3.1.0)
    public_suffix (3.0.3)
    puma (4.3.9)
      nio4r (~> 2.0)
    rack (2.0.7)
    rack-cors (1.0.3)
    rack-proxy (0.6.5)
      rack
    rack-test (1.1.0)
      rack (>= 1.0, < 3)
    rails (5.2.3)
      actioncable (= 5.2.3)
      actionmailer (= 5.2.3)
      actionpack (= 5.2.3)
      actionview (= 5.2.3)
      activejob (= 5.2.3)
      activemodel (= 5.2.3)
      activerecord (= 5.2.3)
      activestorage (= 5.2.3)
      activesupport (= 5.2.3)
      bundler (>= 1.3.0)
      railties (= 5.2.3)
      sprockets-rails (>= 2.0.0)
    rails-dom-testing (2.0.3)
      activesupport (>= 4.2.0)
      nokogiri (>= 1.6)
    rails-html-sanitizer (1.0.4)
      loofah (~> 2.2, >= 2.2.2)
    railties (5.2.3)
      actionpack (= 5.2.3)
      activesupport (= 5.2.3)
      method_source
      rake (>= 0.8.7)
      thor (>= 0.19.0, < 2.0)
    rainbow (3.0.0)
    rake (12.3.2)
    rb-fsevent (0.10.3)
    rb-inotify (0.10.0)
      ffi (~> 1.0)
    react-rails (2.5.0)
      babel-transpiler (>= 0.7.0)
      connection_pool
      execjs
      railties (>= 3.2)
      tilt
    react_on_rails (11.3.0)
      addressable
      connection_pool
      execjs (~> 2.5)
      rails (>= 3.2)
      rainbow (~> 3.0)
    regexp_parser (1.4.0)
    responders (2.4.1)
      actionpack (>= 4.2.0, < 6.0)
      railties (>= 4.2.0, < 6.0)
    rspec (3.8.0)
      rspec-core (~> 3.8.0)
      rspec-expectations (~> 3.8.0)
      rspec-mocks (~> 3.8.0)
    rspec-core (3.8.0)
      rspec-support (~> 3.8.0)
    rspec-expectations (3.8.2)
      diff-lcs (>= 1.2.0, < 2.0)
      rspec-support (~> 3.8.0)
    rspec-mocks (3.8.0)
      diff-lcs (>= 1.2.0, < 2.0)
      rspec-support (~> 3.8.0)
    rspec-rails (3.8.2)
      actionpack (>= 3.0)
      activesupport (>= 3.0)
      railties (>= 3.0)
      rspec-core (~> 3.8.0)
      rspec-expectations (~> 3.8.0)
      rspec-mocks (~> 3.8.0)
      rspec-support (~> 3.8.0)
    rspec-support (3.8.0)
    rubocop (0.67.2)
      jaro_winkler (~> 1.5.1)
      parallel (~> 1.10)
      parser (>= 2.5, != 2.5.1.1)
      psych (>= 3.1.0)
      rainbow (>= 2.2.2, < 4.0)
      ruby-progressbar (~> 1.7)
      unicode-display_width (>= 1.4.0, < 1.6)
    rubocop-performance (1.1.0)
      rubocop (>= 0.67.0)
    rubocop-rspec (1.32.0)
      rubocop (>= 0.60.0)
    ruby-progressbar (1.10.0)
    ruby_dep (1.5.0)
    ruby_parser (3.13.1)
      sexp_processor (~> 4.9)
    sassc (2.0.1)
      ffi (~> 1.9)
      rake
    sassc-rails (2.1.0)
      railties (>= 4.0.0)
      sassc (>= 2.0)
      sprockets (> 3.0)
      sprockets-rails
      tilt
    sexp_processor (4.12.0)
    shellany (0.0.1)
    signet (0.11.0)
      addressable (~> 2.3)
      faraday (~> 0.9)
      jwt (>= 1.5, < 3.0)
      multi_json (~> 1.10)
    simple_form (4.1.0)
      actionpack (>= 5.0)
      activemodel (>= 5.0)
    spork (0.9.2)
    spring (2.0.2)
      activesupport (>= 4.2)
    spring-watcher-listen (2.0.1)
      listen (>= 2.7, < 4.0)
      spring (>= 1.2, < 3.0)
    sprockets (3.7.2)
      concurrent-ruby (~> 1.0)
      rack (> 1, < 3)
    sprockets-rails (3.2.1)
      actionpack (>= 4.0)
      activesupport (>= 4.0)
      sprockets (>= 3.0.0)
    temple (0.8.1)
    thor (0.20.3)
    thread_safe (0.3.6)
    tilt (2.0.9)
    ttfunk (1.5.1)
    turbolinks (5.2.1)
      turbolinks-source (~> 5.2)
    turbolinks-source (5.2.0)
    tzinfo (1.2.5)
      thread_safe (~> 0.1)
    uglifier (4.1.20)
      execjs (>= 0.3.0, < 3)
    unicode-display_width (1.5.0)
    warden (1.2.8)
      rack (>= 2.0.6)
    web-console (3.7.0)
      actionview (>= 5.0)
      activemodel (>= 5.0)
      bindex (>= 0.4.0)
      railties (>= 5.0)
    webpacker (4.0.2)
      activesupport (>= 4.2)
      rack-proxy (>= 0.6.1)
      railties (>= 4.2)
    websocket-driver (0.7.0)
      websocket-extensions (>= 0.1.0)
    websocket-extensions (0.1.3)
    wicked_pdf (1.4.0)
      activesupport
    wkhtmltopdf-binary (0.12.4)
    xpath (3.2.0)
      nokogiri (~> 1.8)

PLATFORMS
  ruby

DEPENDENCIES
  apartment
  bcrypt (~> 3.1.7)
  bootsnap (>= 1.1.0)
  breadcrumbs_on_rails
  byebug
  capybara
  capybara-email
  cucumber-rails
  database_cleaner
  devise
  dotenv-rails
  erubis
  execjs
  factory_bot_rails
  faker
  firebase
  foreman
  guard-rspec
  guard-spork
  haml
  haml-rails
  httparty
  jbuilder (~> 2.5)
  jquery-rails
  listen (>= 3.0.5, < 3.2)
  material_icons
  materialize-sass
  mini_magick (~> 4.8)
  mini_racer
  nokogiri
  pg (>= 0.18, < 2.0)
  poltergeist
  prawn
  prawn-table
  pry
  puma (~> 4.3)
  rack-cors
  rails (~> 5.2.3)
  react-rails
  react_on_rails
  rspec-rails
  rubocop
  rubocop-performance
  rubocop-rspec
  sassc-rails
  simple_form
  spring
  spring-watcher-listen (~> 2.0.0)
  turbolinks (~> 5)
  uglifier (>= 1.3.0)
  web-console (>= 3.3.0)
  webpacker
  wicked_pdf
  wkhtmltopdf-binary

RUBY VERSION
   ruby 2.6.2p47

BUNDLED WITH
   2.0.1
